GEM
  remote: https://rubygems.org/
  specs:
    benchmark (0.1.1)
    ffi (1.15.5)
    power_assert (2.0.3)
    test-unit (3.5.7)
      power_assert

PLATFORMS
  x86_64-darwin-21

DEPENDENCIES
  benchmark (~> 0.1.1)
  ffi (~> 1.9, >= 1.9.10)
  test-unit (~> 3.1, >= 3.1.8)

BUNDLED WITH
   2.3.22
